GEM
  remote: https://rubygems.org/
  specs:
    brainy (2.0.1-java)
    rack (1.6.4)
    rack-protection (1.5.3)
      rack
    sinatra (1.4.7)
      rack (~> 1.5)
      rack-protection (~> 1.4)
      tilt (>= 1.3, < 3)
    tilt (2.0.2)

PLATFORMS
  java

DEPENDENCIES
  brainy (~> 2.0)
  sinatra (~> 1.4)

BUNDLED WITH
   1.11.2
